GEM
  remote: https://rubygems.org/
  specs:
    metric_fu-Saikuro (1.1.3)

PLATFORMS
  ruby

DEPENDENCIES
  metric_fu-Saikuro
